GEM
  remote: https://rubygems.org/
  specs:
    addressable (2.6.0)
      public_suffix (>= 2.0.2, < 4.0)
    docker-api (1.34.2)
      excon (>= 0.47.0)
      multi_json
    domain_name (0.5.20190701)
      unf (>= 0.0.5, < 1.0.0)
    excon (0.66.0)
    http (3.3.0)
      addressable (~> 2.3)
      http-cookie (~> 1.0)
      http-form_data (~> 2.0)
      http_parser.rb (~> 0.6.0)
    http-cookie (1.0.3)
      domain_name (~> 0.5)
    http-form_data (2.1.1)
    http_parser.rb (0.6.0)
    kubeclient (4.4.0)
      http (~> 3.0)
      recursive-open-struct (~> 1.0, >= 1.0.4)
      rest-client (~> 2.0)
    mime-types (3.2.2)
      mime-types-data (~> 3.2015)
    mime-types-data (3.2019.0331)
    multi_json (1.13.1)
    mustermann (1.0.3)
    netrc (0.11.0)
    public_suffix (3.1.1)
    rack (2.0.7)
    rack-protection (2.0.5)
      rack
    recursive-open-struct (1.1.0)
    rest-client (2.0.2)
      http-cookie (>= 1.0.2, < 2.0)
      mime-types (>= 1.16, < 4.0)
      netrc (~> 0.8)
    sinatra (2.0.5)
      mustermann (~> 1.0)
      rack (~> 2.0)
      rack-protection (= 2.0.5)
      tilt (~> 2.0)
    tilt (2.0.9)
    unf (0.1.4)
      unf_ext
    unf_ext (0.0.7.6)

PLATFORMS
  ruby

DEPENDENCIES
  docker-api
  kubeclient
  sinatra

RUBY VERSION
   ruby 2.6.3p62

BUNDLED WITH
   1.17.2
